GEM
  remote: https://rubygems.org/
  specs:
    oj (3.6.0)
    yajl-ruby (1.4.0)

PLATFORMS
  ruby

DEPENDENCIES
  oj
  yajl-ruby

BUNDLED WITH
   1.16.1
